GIT
  remote: git://github.com/mhanne/bitcoin-ruby
  revision: fdf124f43700dfb1db6c3b180d91fa2f3805debd
  branch: next
  specs:
    bitcoin-ruby (0.0.8)

GIT
  remote: git://github.com/mhanne/bitcoin-ruby-blockchain
  revision: 47648fbc6dbc16b172a80206cef7a25a14369e38
  specs:
    bitcoin-ruby-blockchain (0.0.1)

GIT
  remote: git://github.com/mhanne/bitcoin-ruby-node
  revision: 90039ea49abac197f3feedb7c73e22a5f0ee1f30
  specs:
    bitcoin-ruby-node (0.0.1)

GIT
  remote: git://github.com/mhanne/bitcoin-ruby-wallet
  revision: 2a3dd39590c5a4dd303507d11dd11114a7a68604
  specs:
    bitcoin-ruby-wallet (0.0.1)

GEM
  remote: http://rubygems.org/
  specs:
    celluloid (0.16.0)
      timers (~> 4.0.0)
    celluloid-io (0.16.2)
      celluloid (>= 0.16.0)
      nio4r (>= 1.1.0)
    eventmachine (1.0.8)
    ffi (1.9.10)
    hitimes (1.2.3)
    nio4r (1.1.1)
    rubydns (1.0.2)
      celluloid (= 0.16.0)
      celluloid-io (= 0.16.2)
      timers (~> 4.0.1)
    timers (4.0.4)
      hitimes

PLATFORMS
  ruby

DEPENDENCIES
  bitcoin-ruby!
  bitcoin-ruby-blockchain!
  bitcoin-ruby-node!
  bitcoin-ruby-wallet!
  eventmachine
  ffi
  rubydns
